PATH
  remote: .
  specs:
    coolify (0.1.0)

GEM
  remote: https://rubygems.org/
  specs:
    rake (10.1.0)

PLATFORMS
  ruby

DEPENDENCIES
  bundler (~> 1.16)
  coolify!
  rake (~> 10.0)

BUNDLED WITH
   1.16.2
